PATH
  remote: .
  specs:
    win32-service (2.3.2)
      ffi (~> 1.17.2)
      ffi-win32-extensions

GEM
  remote: https://rubygems.org/
  specs:
    ast (2.4.3)
    byebug (12.0.0)
    coderay (1.1.3)
    cookstyle (8.1.4)
      rubocop (= 1.75.8)
    diff-lcs (1.6.2)
    ffi (1.17.2-x64-mingw-ucrt)
    ffi-win32-extensions (1.0.4)
      ffi
    json (2.12.2)
    language_server-protocol (3.17.0.5)
    lint_roller (1.1.0)
    method_source (1.1.0)
    parallel (1.27.0)
    parser (3.3.8.0)
      ast (~> 2.4.1)
      racc
    power_assert (2.0.5)
    prism (1.4.0)
    pry (0.15.2)
      coderay (~> 1.1)
      method_source (~> 1.0)
    pry-byebug (3.11.0)
      byebug (~> 12.0)
      pry (>= 0.13, < 0.16)
    racc (1.8.1)
    rainbow (3.1.1)
    rake (13.3.0)
    rb-readline (0.5.5)
    regexp_parser (2.10.0)
    rspec-core (3.13.4)
      rspec-support (~> 3.13.0)
    rspec-expectations (3.13.5)
      diff-lcs (>= 1.2.0, < 2.0)
      rspec-support (~> 3.13.0)
    rspec-mocks (3.13.5)
      diff-lcs (>= 1.2.0, < 2.0)
      rspec-support (~> 3.13.0)
    rspec-support (3.13.4)
    rubocop (1.75.8)
      json (~> 2.3)
      language_server-protocol (~> 3.17.0.2)
      lint_roller (~> 1.1.0)
      parallel (~> 1.10)
      parser (>= 3.3.0.2)
      rainbow (>= 2.2.2, < 4.0)
      regexp_parser (>= 2.9.3, < 3.0)
      rubocop-ast (>= 1.44.0, < 2.0)
      ruby-progressbar (~> 1.7)
      unicode-display_width (>= 2.4.0, < 4.0)
    rubocop-ast (1.45.1)
      parser (>= 3.3.7.2)
      prism (~> 1.4)
    ruby-progressbar (1.13.0)
    test-unit (3.6.8)
      power_assert
    unicode-display_width (3.1.4)
      unicode-emoji (~> 4.0, >= 4.0.4)
    unicode-emoji (4.0.4)
    win32-security (0.5.0)
      ffi
      ffi-win32-extensions

PLATFORMS
  x64-mingw-ucrt

DEPENDENCIES
  cookstyle (~> 8.1)
  pry
  pry-byebug
  rake
  rb-readline
  rspec-core
  rspec-expectations
  rspec-mocks
  test-unit
  win32-security
  win32-service!

BUNDLED WITH
   2.6.9
